PATH
  remote: .
  specs:
    eycloud-recipe-cronjobs (1.0.0)

GEM
  remote: https://rubygems.org/
  specs:
    rake (0.9.2.2)

PLATFORMS
  ruby

DEPENDENCIES
  eycloud-recipe-cronjobs!
  rake
